GEM
  remote: http://rubygems.org/
  specs:
    activesupport (4.0.4)
      i18n (~> 0.6, >= 0.6.9)
      minitest (~> 4.2)
      multi_json (~> 1.3)
      thread_safe (~> 0.1)
      tzinfo (~> 0.3.37)
    ast (1.1.0)
    builder (3.2.2)
    diff-lcs (1.2.5)
    excon (0.71.0)
    fog (1.21.0)
      fog-brightbox
      fog-core (~> 1.21, >= 1.21.1)
      fog-json
      nokogiri (~> 1.5, >= 1.5.11)
    fog-brightbox (0.0.2)
      fog-core
      fog-json
    fog-core (1.21.1)
      builder
      excon (~> 0.32)
      formatador (~> 0.2.0)
      mime-types
      net-scp (~> 1.1)
      net-ssh (>= 2.1.3)
    fog-json (1.0.0)
      multi_json (~> 1.0)
    formatador (0.2.4)
    httparty (0.13.0)
      json (~> 1.8)
      multi_xml (>= 0.5.2)
    i18n (0.6.9)
    json (1.8.1)
    macaddr (1.6.7)
      systemu (~> 2.6.2)
    mime-types (2.2)
    minitest (4.7.5)
    multi_json (1.9.2)
    multi_xml (0.5.5)
    net-scp (1.1.2)
      net-ssh (>= 2.6.5)
    net-ssh (2.8.0)
    nokogiri (1.5.11)
    parser (2.1.7)
      ast (~> 1.1)
      slop (~> 3.4, >= 3.4.5)
    powerpack (0.0.9)
    rainbow (2.0.0)
    rake (10.1.1)
    rspec (2.14.1)
      rspec-core (~> 2.14.0)
      rspec-expectations (~> 2.14.0)
      rspec-mocks (~> 2.14.0)
    rspec-core (2.14.8)
    rspec-expectations (2.14.5)
      diff-lcs (>= 1.1.3, < 2.0)
    rspec-extra-formatters (1.0.0)
    rspec-mocks (2.14.6)
    rubocop (0.18.1)
      json (>= 1.7.7, < 2)
      parser (~> 2.1.3)
      powerpack (~> 0.0.6)
      rainbow (>= 1.99.1, < 3.0)
    slop (3.5.0)
    systemu (2.6.4)
    thread_safe (0.3.3)
    tzinfo (0.3.39)

PLATFORMS
  ruby

DEPENDENCIES
  activesupport (= 4.0.4)
  fog (= 1.21.0)
  httparty (= 0.13.0)
  json (= 1.8.1)
  macaddr (= 1.6.7)
  rake (= 10.1.1)
  rspec (= 2.14.1)
  rspec-extra-formatters (= 1.0.0)
  rubocop (= 0.18.1)
